GEM
  remote: http://rubygems.org/
  specs:
    active_support (3.0.0)
      activesupport (= 3.0.0)
    activesupport (3.0.0)
    fileutils (0.7)
      rmagick (>= 2.13.1)
    i18n (0.6.1)
    net-sftp (2.0.5)
      net-ssh (>= 2.0.9)
    net-ssh (2.6.1)
    net-ssh-gateway (1.1.0)
      net-ssh (>= 1.99.1)
    net-ssh-multi (1.1)
      net-ssh (>= 2.1.4)
      net-ssh-gateway (>= 0.99.0)
    rmagick (2.13.1)

PLATFORMS
  ruby

DEPENDENCIES
  active_support
  fileutils
  i18n
  net-sftp
  net-ssh
  net-ssh-multi
